GEM
  remote: https://rubygems.org/
  specs:
    autoprefixer-rails (6.3.6)
      execjs
    breakpoint (2.7.0)
      sass (~> 3.3)
      sassy-maps (< 1.0.0)
    coffee-script (2.4.1)
      coffee-script-source
      execjs
    coffee-script-source (1.10.0)
    colorator (0.1)
    execjs (2.6.0)
    ffi (1.9.10)
    jekyll (3.1.2)
      colorator (~> 0.1)
      jekyll-sass-converter (~> 1.0)
      jekyll-watch (~> 1.1)
      kramdown (~> 1.3)
      liquid (~> 3.0)
      mercenary (~> 0.3.3)
      rouge (~> 1.7)
      safe_yaml (~> 1.0)
    jekyll-autoprefixer (1.0.0)
      autoprefixer-rails (~> 6.3.6)
    jekyll-coffeescript (1.0.1)
      coffee-script (~> 2.2)
    jekyll-deploy (0.0.2)
    jekyll-email-protect (1.0.3)
    jekyll-sass-converter (1.4.0)
      sass (~> 3.4)
    jekyll-sitemap (0.10.0)
    jekyll-watch (1.4.0)
      listen (~> 3.0, < 3.1)
    kramdown (1.11.1)
    liquid (3.0.6)
    listen (3.0.7)
      rb-fsevent (>= 0.9.3)
      rb-inotify (>= 0.9.7)
    mercenary (0.3.6)
    rb-fsevent (0.9.7)
    rb-inotify (0.9.7)
      ffi (>= 0.5.0)
    rouge (1.10.1)
    safe_yaml (1.0.4)
    sass (3.4.22)
    sassy-maps (0.4.0)
      sass (~> 3.3)
    shevy (2.1.0)
    susy (2.2.12)
      sass (>= 3.3.0, < 3.5)
    thor (0.19.1)

PLATFORMS
  ruby

DEPENDENCIES
  breakpoint
  jekyll (= 3.1.2)
  jekyll-autoprefixer
  jekyll-coffeescript
  jekyll-deploy
  jekyll-email-protect
  jekyll-sitemap
  shevy
  susy
  thor

BUNDLED WITH
   1.10.6
