GIT
  remote: https://github.com/chikamichi/jekyll-compass.git
  revision: e4c5e691246ecc3d67a0e33b16f1611e63f22eef
  branch: jekyll3
  specs:
    jekyll-compass (2.0.0)
      compass (~> 1.0)
      jekyll (~> 3.0)

GEM
  remote: https://rubygems.org/
  specs:
    breakpoint (2.5.0)
      sass (~> 3.3)
      sassy-maps (< 1.0.0)
    chunky_png (1.3.5)
    colorator (0.1)
    compass (1.1.0.alpha.3)
      chunky_png (~> 1.2)
      compass-core (~> 1.1.0.alpha.3)
      compass-import-once (~> 1.0.5)
      rb-fsevent (>= 0.9.3)
      rb-inotify (>= 0.9)
      sass (>= 3.3.13, < 3.5)
    compass-core (1.1.0.alpha.3)
      multi_json (~> 1.0)
      sass (>= 3.3.0, < 3.5)
    compass-import-once (1.0.5)
      sass (>= 3.2, < 3.5)
    compass-normalize (1.5)
      compass (>= 0.12.0)
    ffi (1.9.10)
    jekyll (3.0.1)
      colorator (~> 0.1)
      jekyll-sass-converter (~> 1.0)
      jekyll-watch (~> 1.1)
      kramdown (~> 1.3)
      liquid (~> 3.0)
      mercenary (~> 0.3.3)
      rouge (~> 1.7)
      safe_yaml (~> 1.0)
    jekyll-email-protect (1.0.1)
    jekyll-language-plugin (1.1.6)
    jekyll-sass-converter (1.3.0)
      sass (~> 3.2)
    jekyll-sitemap (0.9.0)
    jekyll-watch (1.3.0)
      listen (~> 3.0)
    kramdown (1.9.0)
    liquid (3.0.6)
    listen (3.0.5)
      rb-fsevent (>= 0.9.3)
      rb-inotify (>= 0.9)
    mercenary (0.3.5)
    multi_json (1.11.2)
    rb-fsevent (0.9.6)
    rb-inotify (0.9.5)
      ffi (>= 0.5.0)
    rouge (1.10.1)
    safe_yaml (1.0.4)
    sass (3.4.19)
    sassy-maps (0.4.0)
      sass (~> 3.3)
    susy (2.2.6)
      sass (>= 3.3.0, < 3.5)

PLATFORMS
  ruby

DEPENDENCIES
  breakpoint
  compass (>= 1.1.0.alpha.3)
  compass-normalize
  jekyll (= 3.0.1)
  jekyll-compass (= 2.0.0)!
  jekyll-email-protect (= 1.0.1)
  jekyll-language-plugin (= 1.1.6)
  jekyll-sitemap
  susy

BUNDLED WITH
   1.10.4
